GEM
  remote: http://rubygems.org/
  specs:
    builder (3.0.0)
    hoe (2.12.5)
      rake (~> 0.8)
    net-http-persistent (2.3.3)
    rake (0.9.2.2)

PLATFORMS
  ruby

DEPENDENCIES
  builder (>= 2.1.2)
  hoe (~> 2.12.5)
  net-http-persistent (>= 2.1)
